NUGET
  remote: https://nuget.org/api/v2
  specs:
    LibGit2Sharp (0.21.0.176)
    Pester (4.0.8)
    Unic.Bob.Keith (2.0.0)
