NUGET
  remote: https://nuget.org/api/v2
  specs:
    GitVersion (3.3.0)
  remote: https://teamcity.unic.com/httpAuth/app/nuget/v1/FeedService.svc
  specs:
    Unic.Bob.Keith (1.1.0)
