NUGET
  remote: https://www.nuget.org/api/v2
    LibGit2Sharp (0.21.0.176)
    Pester (4.0.8)
    Unic.Bob.Keith (2.0.2)
