NUGET
  remote: https://nuget.org/api/v2
  specs:
    LibGit2Sharp (0.21.0.176)
    Pester (3.3.11)
  remote: https://teamcity.unic.com/httpAuth/app/nuget/v1/FeedService.svc
  specs:
    Unic.Bob.Keith (1.1.0)
